PATH
  remote: .
  specs:
    candy (0.2.11)
      bson_ext (= 1.10.2)
      mongo (= 1.10.2)

GEM
  remote: http://rubygems.org/
  specs:
    bson (1.10.2)
    bson_ext (1.10.2)
      bson (~> 1.10.2)
    byebug (2.7.0)
      columnize (~> 0.3)
      debugger-linecache (~> 1.2)
    coderay (1.1.0)
    columnize (0.8.9)
    debugger-linecache (1.2.0)
    diff-lcs (1.1.3)
    metaclass (0.0.4)
    method_source (0.8.2)
    mocha (0.10.5)
      metaclass (~> 0.0.1)
    mongo (1.10.2)
      bson (= 1.10.2)
    pry (0.10.0)
      coderay (~> 1.1.0)
      method_source (~> 0.8.1)
      slop (~> 3.4)
    pry-byebug (1.3.3)
      byebug (~> 2.7)
      pry (~> 0.10)
    rspec (2.7.0)
      rspec-core (~> 2.7.0)
      rspec-expectations (~> 2.7.0)
      rspec-mocks (~> 2.7.0)
    rspec-core (2.7.1)
    rspec-expectations (2.7.0)
      diff-lcs (~> 1.1.2)
    rspec-mocks (2.7.0)
    slop (3.6.0)

PLATFORMS
  ruby

DEPENDENCIES
  candy!
  mocha (~> 0.10.0)
  pry
  pry-byebug
  rspec (~> 2.7.0)
