PATH
  remote: .
  specs:
    candy (0.3.2)
      mongo (~> 2.2.0)

GEM
  remote: http://rubygems.org/
  specs:
    bson (4.0.0)
    byebug (4.0.5)
      columnize (= 0.9.0)
    coderay (1.1.0)
    columnize (0.9.0)
    diff-lcs (1.1.3)
    metaclass (0.0.4)
    method_source (0.8.2)
    mocha (0.10.5)
      metaclass (~> 0.0.1)
    mongo (2.2.1)
      bson (~> 4.0)
    pry (0.10.1)
      coderay (~> 1.1.0)
      method_source (~> 0.8.1)
      slop (~> 3.4)
    pry-byebug (3.1.0)
      byebug (~> 4.0)
      pry (~> 0.10)
    rspec (2.7.0)
      rspec-core (~> 2.7.0)
      rspec-expectations (~> 2.7.0)
      rspec-mocks (~> 2.7.0)
    rspec-core (2.7.1)
    rspec-expectations (2.7.0)
      diff-lcs (~> 1.1.2)
    rspec-mocks (2.7.0)
    slop (3.6.0)

PLATFORMS
  ruby

DEPENDENCIES
  candy!
  mocha (~> 0.10.0)
  pry
  pry-byebug
  rspec (~> 2.7.0)

BUNDLED WITH
   1.10.5
